GEM
  remote: http://rubygems.org/
  specs:
    SystemTimer (1.2.1)
    actionmailer (2.3.10)
      actionpack (= 2.3.10)
    actionpack (2.3.10)
      activesupport (= 2.3.10)
      rack (~> 1.1.0)
    activerecord (2.3.10)
      activesupport (= 2.3.10)
    activeresource (2.3.10)
      activesupport (= 2.3.10)
    activesupport (2.3.10)
    chunky_png (0.10.5)
    compass (0.11.alpha.4)
      chunky_png (~> 0.10.3)
      sass (>= 3.1.0.alpha.50)
    compass-960-plugin (0.10.0)
      compass (>= 0.10.0)
    haml (3.1.0.alpha.144)
    rack (1.1.0)
    rails (2.3.10)
      actionmailer (= 2.3.10)
      actionpack (= 2.3.10)
      activerecord (= 2.3.10)
      activeresource (= 2.3.10)
      activesupport (= 2.3.10)
      rake (>= 0.8.3)
    rake (0.8.7)
    sass (3.1.0.alpha.200)
    sqlite3-ruby (1.3.2)

PLATFORMS
  ruby

DEPENDENCIES
  SystemTimer (= 1.2.1)
  compass (= 0.11.alpha.4)
  compass-960-plugin (= 0.10.0)
  haml (= 3.1.0.alpha.144)
  rack (= 1.1.0)
  rails (= 2.3.10)
  sass (= 3.1.0.alpha.200)
  sqlite3-ruby (= 1.3.2)
